PATH
  remote: .
  specs:
    edgie (0.0.1)
      activesupport (>= 3.0.0)
      erubis (>= 2.6.0)

GEM
  remote: https://rubygems.org/
  specs:
    activesupport (3.2.13)
      i18n (= 0.6.1)
      multi_json (~> 1.0)
    archive-tar-minitar (0.5.2)
    columnize (0.3.6)
    diff-lcs (1.2.1)
    erubis (2.7.0)
    i18n (0.6.1)
    linecache19 (0.5.12)
      ruby_core_source (>= 0.1.4)
    multi_json (1.7.2)
    rspec (2.13.0)
      rspec-core (~> 2.13.0)
      rspec-expectations (~> 2.13.0)
      rspec-mocks (~> 2.13.0)
    rspec-core (2.13.1)
    rspec-expectations (2.13.0)
      diff-lcs (>= 1.1.3, < 2.0)
    rspec-mocks (2.13.0)
    ruby-debug-base19 (0.11.25)
      columnize (>= 0.3.1)
      linecache19 (>= 0.5.11)
      ruby_core_source (>= 0.1.4)
    ruby-debug19 (0.11.6)
      columnize (>= 0.3.1)
      linecache19 (>= 0.5.11)
      ruby-debug-base19 (>= 0.11.19)
    ruby_core_source (0.1.5)
      archive-tar-minitar (>= 0.5.2)

PLATFORMS
  ruby

DEPENDENCIES
  edgie!
  rspec
  ruby-debug19
